PATH
  remote: .
  specs:
    dbagent (3.2.1)
      bmg (~> 0.20)
      net-ping (~> 2)
      path (~> 2)
      pg (~> 1)
      predicate (~> 2, >= 2.7.1)
      rake (~> 13)
      sequel (~> 5)
      sinatra (~> 2)
      thin (~> 1)

GEM
  remote: http://rubygems.org/
  specs:
    bmg (0.20.1)
      path (>= 2.0)
      predicate (>= 2.7.1, < 3.0)
    daemons (1.4.1)
    diff-lcs (1.5.0)
    eventmachine (1.2.7)
    mustermann (1.1.1)
      ruby2_keywords (~> 0.0.1)
    net-ping (2.0.8)
    path (2.0.1)
    pg (1.3.5)
    predicate (2.7.1)
      sexpr (~> 1.0)
    rack (2.2.6.3)
    rack-protection (2.2.0)
      rack
    rack-test (1.1.0)
      rack (>= 1.0, < 3)
    rake (13.0.6)
    rspec (3.11.0)
      rspec-core (~> 3.11.0)
      rspec-expectations (~> 3.11.0)
      rspec-mocks (~> 3.11.0)
    rspec-core (3.11.0)
      rspec-support (~> 3.11.0)
    rspec-expectations (3.11.0)
      diff-lcs (>= 1.2.0, < 2.0)
      rspec-support (~> 3.11.0)
    rspec-mocks (3.11.1)
      diff-lcs (>= 1.2.0, < 2.0)
      rspec-support (~> 3.11.0)
    rspec-support (3.11.0)
    ruby2_keywords (0.0.5)
    sequel (5.57.0)
    sexpr (1.0.0)
    sinatra (2.2.0)
      mustermann (~> 1.0)
      rack (~> 2.2)
      rack-protection (= 2.2.0)
      tilt (~> 2.0)
    thin (1.8.1)
      daemons (~> 1.0, >= 1.0.9)
      eventmachine (~> 1.0, >= 1.0.4)
      rack (>= 1, < 3)
    tilt (2.0.10)

PLATFORMS
  x86_64-linux

DEPENDENCIES
  bundler (~> 2)
  dbagent!
  rack-test (~> 1)
  rspec (~> 3)

BUNDLED WITH
   2.2.16
