GEM
  remote: http://rubygems.org/
  specs:
    diff-lcs (1.3)
    net-ping (2.0.6)
    path (1.3.3)
    pg (0.21.0)
    rack (1.6.13)
    rack-protection (1.5.5)
      rack
    rack-test (0.8.3)
      rack (>= 1.0, < 3)
    rake (12.3.3)
    rspec (3.9.0)
      rspec-core (~> 3.9.0)
      rspec-expectations (~> 3.9.0)
      rspec-mocks (~> 3.9.0)
    rspec-core (3.9.1)
      rspec-support (~> 3.9.1)
    rspec-expectations (3.9.0)
      diff-lcs (>= 1.2.0, < 2.0)
      rspec-support (~> 3.9.0)
    rspec-mocks (3.9.1)
      diff-lcs (>= 1.2.0, < 2.0)
      rspec-support (~> 3.9.0)
    rspec-support (3.9.2)
    sequel (4.49.0)
    sinatra (1.4.8)
      rack (~> 1.5)
      rack-protection (~> 1.4)
      tilt (>= 1.3, < 3)
    tilt (2.0.10)

PLATFORMS
  ruby

DEPENDENCIES
  bundler (~> 2.0)
  net-ping
  path (~> 1.3)
  pg (~> 0.17)
  rack (~> 1.5)
  rack-test (~> 0.6)
  rake (~> 12.3)
  rspec (~> 3.0)
  sequel (~> 4.12)
  sinatra (~> 1.4)

BUNDLED WITH
   2.0.2
