PATH
  remote: .
  specs:
    dbagent (3.8.1)
      bmg (~> 0.21)
      net-ping (~> 2)
      path (~> 2)
      pg (~> 1)
      predicate (~> 2, >= 2.7.1)
      rake (~> 13)
      sequel (~> 5)
      sinatra (~> 2)
      thin (~> 1)

GEM
  remote: http://rubygems.org/
  specs:
    bigdecimal (3.1.6)
    bmg (0.21.3)
      path (>= 2.0)
      predicate (>= 2.7.1, < 3.0)
    daemons (1.4.1)
    diff-lcs (1.5.1)
    eventmachine (1.2.7)
    minitest (5.22.2)
    mustermann (2.0.2)
      ruby2_keywords (~> 0.0.1)
    net-ping (2.0.8)
    path (2.1.0)
    pg (1.5.5)
    predicate (2.8.0)
      minitest (>= 5.0)
      sexpr (~> 1.1)
    rack (2.2.8.1)
    rack-protection (2.2.4)
      rack
    rack-test (1.1.0)
      rack (>= 1.0, < 3)
    rake (13.1.0)
    rspec (3.13.0)
      rspec-core (~> 3.13.0)
      rspec-expectations (~> 3.13.0)
      rspec-mocks (~> 3.13.0)
    rspec-core (3.13.0)
      rspec-support (~> 3.13.0)
    rspec-expectations (3.13.0)
      diff-lcs (>= 1.2.0, < 2.0)
      rspec-support (~> 3.13.0)
    rspec-mocks (3.13.0)
      diff-lcs (>= 1.2.0, < 2.0)
      rspec-support (~> 3.13.0)
    rspec-support (3.13.0)
    ruby2_keywords (0.0.5)
    sequel (5.77.0)
      bigdecimal
    sexpr (1.1.0)
    sinatra (2.2.4)
      mustermann (~> 2.0)
      rack (~> 2.2)
      rack-protection (= 2.2.4)
      tilt (~> 2.0)
    thin (1.8.2)
      daemons (~> 1.0, >= 1.0.9)
      eventmachine (~> 1.0, >= 1.0.4)
      rack (>= 1, < 3)
    tilt (2.3.0)

PLATFORMS
  ruby
  x86_64-linux

DEPENDENCIES
  bundler (~> 2)
  dbagent!
  rack-test (~> 1)
  rspec (~> 3)

BUNDLED WITH
   2.4.6
